FRAMEWORK: >= NET45
NUGET
  remote: http://www.nuget.org/api/v2
    Chessie (0.6)
      FSharp.Core
    FSharp.Core (4.0.0.1)
    MahApps.Metro (1.3)
    Mono.Cecil (0.9.6.4)
    Newtonsoft.Json (9.0.1)
    Paket.Core (3.28)
      Chessie (>= 0.6)
      FSharp.Core
      Mono.Cecil
      Newtonsoft.Json
    reactiveui (6.5.2)
      reactiveui-core (6.5.2)
    reactiveui-core (6.5.2)
      Rx-Main (>= 2.2.5)
      Rx-Xaml (>= 2.2.5)
      Splat (>= 1.4 < 2.0)
    reactiveui-events (6.5)
      Rx-Main (>= 2.2.5)
    Rx-Core (2.2.5)
      Rx-Interfaces (>= 2.2.5)
    Rx-Interfaces (2.2.5)
    Rx-Linq (2.2.5)
      Rx-Core (>= 2.2.5)
      Rx-Interfaces (>= 2.2.5)
    Rx-Main (2.2.5)
      Rx-Core (>= 2.2.5)
      Rx-Interfaces (>= 2.2.5)
      Rx-Linq (>= 2.2.5)
      Rx-PlatformServices (>= 2.2.5)
    Rx-PlatformServices (2.3)
      Rx-Core (>= 2.2)
      Rx-Interfaces (>= 2.2)
    Rx-Xaml (2.2.5)
      Rx-Main (>= 2.2.5)
    Splat (1.6.2)
    VSSDK.ComponentModelHost (12.0.4) - copy_local: false
      VSSDK.IDE.12 (>= 12.0.4 < 13.0)
    VSSDK.ComponentModelHost.12 (12.0.4) - copy_local: false
      VSSDK.ComponentModelHost (>= 12.0.4 < 13.0)
      VSSDK.IDE.12 (>= 12.0.4 < 13.0)
    VSSDK.CoreUtility (12.0.4) - copy_local: false
      VSSDK.IDE.12 (>= 12.0.4 < 13.0)
    VSSDK.CoreUtility.12 (12.0.4) - copy_local: false
      VSSDK.CoreUtility (>= 12.0.4 < 13.0)
      VSSDK.IDE.12 (>= 12.0.4 < 13.0)
    VSSDK.DTE (7.0.4) - copy_local: false
      VSSDK.IDE (>= 7.0.4 < 8.0)
    VSSDK.DTE.10 (10.0.4) - copy_local: false
      VSSDK.DTE (>= 7.0.4 < 8.0)
      VSSDK.DTE.8 (>= 8.0.4 < 9.0)
      VSSDK.DTE.9 (>= 9.0.4 < 10.0)
      VSSDK.IDE.10 (>= 10.0.4 < 11.0)
    VSSDK.DTE.8 (8.0.4) - copy_local: false
      VSSDK.DTE (>= 7.0.4 < 8.0)
      VSSDK.IDE.8 (>= 8.0.4 < 9.0)
    VSSDK.DTE.9 (9.0.4) - copy_local: false
      VSSDK.DTE (>= 7.0.4 < 8.0)
      VSSDK.DTE.8 (>= 8.0.4 < 9.0)
      VSSDK.IDE.9 (>= 9.0.4 < 10.0)
    VSSDK.Editor (12.0.4) - copy_local: false
      VSSDK.CoreUtility (>= 12.0.4)
      VSSDK.IDE.12 (>= 12.0.4 < 13.0)
      VSSDK.OLE.Interop (>= 7.0.4 < 8.0)
      VSSDK.Text (>= 12.0.4)
      VSSDK.TextManager.Interop (>= 7.0.4 < 8.0)
      VSSDK.TextManager.Interop.8 (>= 8.0.4 < 9.0)
    VSSDK.Editor.12 (12.0.4) - copy_local: false
      VSSDK.CoreUtility.12 (>= 12.0.4 < 13.0)
      VSSDK.Editor (>= 12.0.4 < 13.0)
      VSSDK.IDE.12 (>= 12.0.4 < 13.0)
      VSSDK.Text.12 (>= 12.0.4 < 13.0)
    VSSDK.GraphModel (12.0.4) - copy_local: false
      VSSDK.IDE.12 (>= 12.0.4 < 13.0)
    VSSDK.GraphModel.12 (12.0.4) - copy_local: false
      VSSDK.GraphModel (>= 12.0.4 < 13.0)
      VSSDK.IDE.12 (>= 12.0.4 < 13.0)
    VSSDK.IDE (7.0.4) - copy_local: false
    VSSDK.IDE.10 (10.0.4) - copy_local: false
    VSSDK.IDE.11 (11.0.4) - copy_local: false
    VSSDK.IDE.12 (12.0.4) - copy_local: false
    VSSDK.IDE.8 (8.0.4) - copy_local: false
    VSSDK.IDE.9 (9.0.4) - copy_local: false
    VSSDK.Language (12.0.4) - copy_local: false
      VSSDK.CoreUtility (>= 12.0.4)
      VSSDK.IDE.12 (>= 12.0.4 < 13.0)
      VSSDK.Text (>= 12.0.4)
    VSSDK.Language.12 (12.0.4) - copy_local: false
      VSSDK.CoreUtility.12 (>= 12.0.4 < 13.0)
      VSSDK.IDE.12 (>= 12.0.4 < 13.0)
      VSSDK.Language (>= 12.0.4 < 13.0)
      VSSDK.Text.12 (>= 12.0.4 < 13.0)
    VSSDK.OLE.Interop (7.0.4) - copy_local: false
      VSSDK.IDE (>= 7.0.4 < 8.0)
    VSSDK.Shell.12 (12.0.4) - copy_local: false
      VSSDK.DTE (>= 7.0.4 < 8.0)
      VSSDK.IDE.12 (>= 12.0.4 < 13.0)
      VSSDK.OLE.Interop (>= 7.0.4 < 8.0)
      VSSDK.Shell.Immutable.10 (>= 10.0.4 < 11.0)
      VSSDK.Shell.Immutable.11 (>= 11.0.4 < 12.0)
      VSSDK.Shell.Immutable.12 (>= 12.0.4 < 13.0)
      VSSDK.Shell.Interop (>= 7.0.4 < 8.0)
      VSSDK.Shell.Interop.8 (>= 8.0.4 < 9.0)
      VSSDK.Shell.Interop.9 (>= 9.0.4 < 10.0)
      VSSDK.TextManager.Interop (>= 7.0.4 < 8.0)
      VSSDK.Threading.12 (>= 12.0.4 < 13.0)
    VSSDK.Shell.Immutable.10 (10.0.4) - copy_local: false
      VSSDK.IDE.10 (>= 10.0.4 < 11.0)
    VSSDK.Shell.Immutable.11 (11.0.4) - copy_local: false
      VSSDK.GraphModel (>= 11.0.4)
      VSSDK.IDE.11 (>= 11.0.4 < 12.0)
      VSSDK.OLE.Interop (>= 7.0.4 < 8.0)
      VSSDK.Shell.Interop (>= 7.0.4 < 8.0)
    VSSDK.Shell.Immutable.12 (12.0.4) - copy_local: false
      VSSDK.IDE.12 (>= 12.0.4 < 13.0)
    VSSDK.Shell.Interop (7.0.4) - copy_local: false
      VSSDK.IDE (>= 7.0.4 < 8.0)
      VSSDK.OLE.Interop (>= 7.0.4 < 8.0)
      VSSDK.TextManager.Interop (>= 7.0.4 < 8.0)
    VSSDK.Shell.Interop.10 (10.0.4) - copy_local: false
      VSSDK.IDE.10 (>= 10.0.4 < 11.0)
      VSSDK.OLE.Interop (>= 7.0.4 < 8.0)
      VSSDK.Shell.Interop.8 (>= 8.0.4 < 9.0)
      VSSDK.Shell.Interop.9 (>= 9.0.4 < 10.0)
    VSSDK.Shell.Interop.11 (11.0.4) - copy_local: false
      VSSDK.IDE.11 (>= 11.0.4 < 12.0)
      VSSDK.OLE.Interop (>= 7.0.4 < 8.0)
      VSSDK.Shell.Interop (>= 7.0.4 < 8.0)
      VSSDK.Shell.Interop.10 (>= 10.0.4 < 11.0)
      VSSDK.Shell.Interop.8 (>= 8.0.4 < 9.0)
      VSSDK.Shell.Interop.9 (>= 9.0.4 < 10.0)
    VSSDK.Shell.Interop.12 (12.0.4) - copy_local: false
      VSSDK.IDE.12 (>= 12.0.4 < 13.0)
      VSSDK.OLE.Interop (>= 7.0.4 < 8.0)
      VSSDK.Shell.Interop (>= 7.0.4 < 8.0)
      VSSDK.Shell.Interop.10 (>= 10.0.4 < 11.0)
      VSSDK.Shell.Interop.11 (>= 11.0.4 < 12.0)
      VSSDK.Shell.Interop.8 (>= 8.0.4 < 9.0)
      VSSDK.Shell.Interop.9 (>= 9.0.4 < 10.0)
    VSSDK.Shell.Interop.8 (8.0.4) - copy_local: false
      VSSDK.IDE.8 (>= 8.0.4 < 9.0)
      VSSDK.OLE.Interop (>= 7.0.4 < 8.0)
      VSSDK.Shell.Interop (>= 7.0.4 < 8.0)
      VSSDK.TextManager.Interop (>= 7.0.4 < 8.0)
      VSSDK.TextManager.Interop.8 (>= 8.0.4 < 9.0)
    VSSDK.Shell.Interop.9 (9.0.4) - copy_local: false
      VSSDK.IDE.9 (>= 9.0.4 < 10.0)
      VSSDK.OLE.Interop (>= 7.0.4 < 8.0)
      VSSDK.Shell.Interop.8 (>= 8.0.4 < 9.0)
      VSSDK.TextManager.Interop (>= 7.0.4 < 8.0)
    VSSDK.Text (12.0.4) - copy_local: false
      VSSDK.CoreUtility (>= 12.0.4)
      VSSDK.IDE.12 (>= 12.0.4 < 13.0)
    VSSDK.Text.12 (12.0.4) - copy_local: false
      VSSDK.CoreUtility.12 (>= 12.0.4 < 13.0)
      VSSDK.IDE.12 (>= 12.0.4 < 13.0)
      VSSDK.Text (>= 12.0.4 < 13.0)
    VSSDK.TextManager.Interop (7.0.4) - copy_local: false
      VSSDK.IDE (>= 7.0.4 < 8.0)
      VSSDK.OLE.Interop (>= 7.0.4 < 8.0)
    VSSDK.TextManager.Interop.8 (8.0.4) - copy_local: false
      VSSDK.IDE.8 (>= 8.0.4 < 9.0)
      VSSDK.OLE.Interop (>= 7.0.4 < 8.0)
      VSSDK.Shell.Interop (>= 7.0.4 < 8.0)
      VSSDK.TextManager.Interop (>= 7.0.4 < 8.0)
    VSSDK.Threading (12.0.4) - copy_local: false
      VSSDK.IDE.12 (>= 12.0.4 < 13.0)
    VSSDK.Threading.12 (12.0.4) - copy_local: false
      VSSDK.IDE.12 (>= 12.0.4 < 13.0)
      VSSDK.Threading (>= 12.0.4 < 13.0)

GROUP Build
NUGET
  remote: http://www.nuget.org/api/v2
    canopy (1.0.3)
      FSharp.Core (>= 3.0.2)
      Selenium.WebDriver (3.0)
    FAKE (4.45.1)
    FSharp.Compiler.Service (2.0.0.6)
    FSharp.Core (4.0.0.1)
    FSharp.Formatting (2.14.4)
      FSharp.Compiler.Service (2.0.0.6)
      FSharpVSPowerTools.Core (>= 2.3 < 2.4)
    FSharpVSPowerTools.Core (2.3)
      FSharp.Compiler.Service (>= 2.0.0.3)
    ILRepack (2.0.12)
    Microsoft.Bcl (1.1.10) - framework: net10, net11, net20, net30, net35, net40, net40-full
      Microsoft.Bcl.Build (>= 1.0.14)
    Microsoft.Bcl.Build (1.0.21) - import_targets: false, framework: net10, net11, net20, net30, net35, net40, net40-full
    Microsoft.Net.Http (2.2.29) - framework: net10, net11, net20, net30, net35, net40, net40-full
      Microsoft.Bcl (>= 1.1.10)
      Microsoft.Bcl.Build (>= 1.0.14)
    Octokit (0.23)
      Microsoft.Net.Http  - framework: net10, net11, net20, net30, net35, net40, net40-full
    Selenium.WebDriver (3.0)
    Selenium.WebDriver.ChromeDriver (2.25.0.8)
GITHUB
  remote: fsharp/FAKE
    modules/Octokit/Octokit.fsx (f367c3d28b1fc9a2a89636c2b870dea4b4559dca)
      Octokit (>= 0.20)