NUGET
  remote: http://nuget.org/api/v2
  specs:
    canopy (0.9.29)
      FSharp.Core (>= 3.0.2)
      Selenium.Support (2.46.0)
      Selenium.WebDriver (2.46.0)
      SizSelCsZzz (0.3.36.0)
    FAKE (3.36.0)
    FSharp.Compiler.Service (1.3.1.0)
    FSharp.Core (3.1.2.1)
    FSharp.Formatting (2.9.10)
      FSharp.Compiler.Service (>= 0.0.87)
      FSharpVSPowerTools.Core (1.8.0)
    FSharpVSPowerTools.Core (1.8.0)
      FSharp.Compiler.Service (>= 0.0.87)
    ILRepack (2.0.2)
    MahApps.Metro (1.1.2.0)
    Microsoft.Bcl (1.1.10)
      Microsoft.Bcl.Build (>= 1.0.14)
    Microsoft.Bcl.Build (1.0.21)
    Microsoft.Net.Http (2.2.29)
      Microsoft.Bcl (>= 1.1.10)
      Microsoft.Bcl.Build (>= 1.0.14)
    Newtonsoft.Json (7.0.1)
    Octokit (0.13.0)
      Microsoft.Net.Http
    Paket.Core (1.19.2)
      FSharp.Core
      Newtonsoft.Json
    reactiveui (6.5.0)
      reactiveui-core (6.5.0)
    reactiveui-core (6.5.0)
      Rx-Main (>= 2.2.5)
      Rx-WinRT (>= 2.2.5) - framework: winv4.5, wpv8.0, portable-win81+wpa81
      Rx-Xaml (>= 2.2.5) - framework: winv4.5, wpv8.0, portable-win81+wpa81, >= net45
      Splat (>= 1.0 < 2.0)
    reactiveui-events (6.5.0)
      Rx-Main (>= 2.2.5)
    Rx-Core (2.2.5)
      Rx-Interfaces (>= 2.2.5)
    Rx-Interfaces (2.2.5)
    Rx-Linq (2.2.5)
      Rx-Core (>= 2.2.5)
      Rx-Interfaces (>= 2.2.5)
    Rx-Main (2.2.5)
      Rx-Core (>= 2.2.5)
      Rx-Interfaces (>= 2.2.5)
      Rx-Linq (>= 2.2.5)
      Rx-PlatformServices (>= 2.2.5)
    Rx-PlatformServices (2.2.5)
      Rx-Core (>= 2.2.5)
      Rx-Interfaces (>= 2.2.5)
    Rx-WinRT (2.2.5) - framework: winv4.5, wpv8.0, portable-win81+wpa81
      Rx-Main (>= 2.2.5)
    Rx-Xaml (2.2.5) - framework: winv4.5, wpv8.0, portable-win81+wpa81, >= net45
      Rx-Main (>= 2.2.5)
    Selenium.Support (2.46.0)
      Selenium.WebDriver (>= 2.46.0)
    Selenium.WebDriver (2.46.0)
    Selenium.WebDriver.ChromeDriver (2.16.0.0)
    SizSelCsZzz (0.3.36.0)
      Newtonsoft.Json (>= 6.0)
      Selenium.Support (>= 2.40)
      Selenium.WebDriver (>= 2.40)
    Splat (1.6.2)
    VSSDK.ComponentModelHost (12.0.4) - copy_local: false
      VSSDK.IDE.12 (>= 12.0.4 < 13.0.0)
    VSSDK.ComponentModelHost.12 (12.0.4) - copy_local: false
      VSSDK.ComponentModelHost (>= 12.0.4 < 13.0.0)
      VSSDK.IDE.12 (>= 12.0.4 < 13.0.0)
    VSSDK.CoreUtility (12.0.4) - copy_local: false
      VSSDK.IDE.12 (>= 12.0.4 < 13.0.0)
    VSSDK.CoreUtility.12 (12.0.4) - copy_local: false
      VSSDK.CoreUtility (>= 12.0.4 < 13.0.0)
      VSSDK.IDE.12 (>= 12.0.4 < 13.0.0)
    VSSDK.Editor (12.0.4) - copy_local: false
      VSSDK.CoreUtility (>= 12.0.4)
      VSSDK.IDE.12 (>= 12.0.4 < 13.0.0)
      VSSDK.OLE.Interop (>= 7.0.4 < 8.0.0)
      VSSDK.Text (>= 12.0.4)
      VSSDK.TextManager.Interop (>= 7.0.4 < 8.0.0)
      VSSDK.TextManager.Interop.8 (>= 8.0.4 < 9.0.0)
    VSSDK.Editor.12 (12.0.4) - copy_local: false
      VSSDK.CoreUtility.12 (>= 12.0.4 < 13.0.0)
      VSSDK.Editor (>= 12.0.4 < 13.0.0)
      VSSDK.IDE.12 (>= 12.0.4 < 13.0.0)
      VSSDK.Text.12 (>= 12.0.4 < 13.0.0)
    VSSDK.GraphModel (12.0.4) - copy_local: false
      VSSDK.IDE.12 (>= 12.0.4 < 13.0.0)
    VSSDK.GraphModel.12 (12.0.4) - copy_local: false
      VSSDK.GraphModel (>= 12.0.4 < 13.0.0)
      VSSDK.IDE.12 (>= 12.0.4 < 13.0.0)
    VSSDK.IDE (7.0.4) - copy_local: false
    VSSDK.IDE.12 (12.0.4) - copy_local: false
    VSSDK.IDE.8 (8.0.4) - copy_local: false
    VSSDK.Language (12.0.4) - copy_local: false
      VSSDK.CoreUtility (>= 12.0.4)
      VSSDK.IDE.12 (>= 12.0.4 < 13.0.0)
      VSSDK.Text (>= 12.0.4)
    VSSDK.Language.12 (12.0.4) - copy_local: false
      VSSDK.CoreUtility.12 (>= 12.0.4 < 13.0.0)
      VSSDK.IDE.12 (>= 12.0.4 < 13.0.0)
      VSSDK.Language (>= 12.0.4 < 13.0.0)
      VSSDK.Text.12 (>= 12.0.4 < 13.0.0)
    VSSDK.OLE.Interop (7.0.4) - copy_local: false
      VSSDK.IDE (>= 7.0.4 < 8.0.0)
    VSSDK.Shell.Interop (7.0.4) - copy_local: false
      VSSDK.IDE (>= 7.0.4 < 8.0.0)
      VSSDK.OLE.Interop (>= 7.0.4 < 8.0.0)
      VSSDK.TextManager.Interop (>= 7.0.4 < 8.0.0)
    VSSDK.Text (12.0.4) - copy_local: false
      VSSDK.CoreUtility (>= 12.0.4)
      VSSDK.IDE.12 (>= 12.0.4 < 13.0.0)
    VSSDK.Text.12 (12.0.4) - copy_local: false
      VSSDK.CoreUtility.12 (>= 12.0.4 < 13.0.0)
      VSSDK.IDE.12 (>= 12.0.4 < 13.0.0)
      VSSDK.Text (>= 12.0.4 < 13.0.0)
    VSSDK.TextManager.Interop (7.0.4) - copy_local: false
      VSSDK.IDE (>= 7.0.4 < 8.0.0)
      VSSDK.OLE.Interop (>= 7.0.4 < 8.0.0)
    VSSDK.TextManager.Interop.8 (8.0.4) - copy_local: false
      VSSDK.IDE.8 (>= 8.0.4 < 9.0.0)
      VSSDK.OLE.Interop (>= 7.0.4 < 8.0.0)
      VSSDK.Shell.Interop (>= 7.0.4 < 8.0.0)
      VSSDK.TextManager.Interop (>= 7.0.4 < 8.0.0)
GITHUB
  remote: fsharp/FAKE
  specs:
    modules/Octokit/Octokit.fsx (4ad6663a0e2179b7f6047612b5bb6357e1543fbf)
      Octokit