NUGET
  remote: http://nuget.org/api/v2
  specs:
    DotNetZip (1.9.3)
    FAKE (3.11.4)
    FSharp.Compiler.Service (0.0.67)
    FSharp.Core (3.1.2.1)
    FSharp.Formatting (2.4.36)
      FSharp.Compiler.Service (0.0.67)
      Microsoft.AspNet.Razor (2.0.30506.0)
      RazorEngine (3.3.0)
    Microsoft.AspNet.Razor (2.0.30506.0)
    Microsoft.Bcl (1.1.9)
      Microsoft.Bcl.Build (>= 1.0.14)
    Microsoft.Bcl.Build (1.0.21)
    Microsoft.Net.Http (2.2.28)
      Microsoft.Bcl (>= 1.1.9)
      Microsoft.Bcl.Build (>= 1.0.14)
    Newtonsoft.Json (6.0.6)
    Octokit (0.6.0)
      Microsoft.Net.Http (>= 0)
    Paket.Core (0.18.7)
      DotNetZip (>= 1.9.3)
      FSharp.Core (>= 3.1.2.1)
      Newtonsoft.Json (>= 6.0.6)
    RazorEngine (3.3.0)
      Microsoft.AspNet.Razor (>= 2.0.30506.0)
    VSSDK.CoreUtility (12.0.4)
      VSSDK.IDE.12 (>= 12.0.4 <  13.0.0)
    VSSDK.CoreUtility.12 (12.0.4)
      VSSDK.CoreUtility (>= 12.0.4 <  13.0.0)
      VSSDK.IDE.12 (>= 12.0.4 <  13.0.0)
    VSSDK.GraphModel (12.0.4)
      VSSDK.IDE.12 (>= 12.0.4 <  13.0.0)
    VSSDK.GraphModel.12 (12.0.4)
      VSSDK.GraphModel (>= 12.0.4 <  13.0.0)
      VSSDK.IDE.12 (>= 12.0.4 <  13.0.0)
    VSSDK.IDE.12 (12.0.4)
    VSSDK.Text (12.0.4)
      VSSDK.CoreUtility (>= 12.0.4)
      VSSDK.IDE.12 (>= 12.0.4 <  13.0.0)
    VSSDK.Text.12 (12.0.4)
      VSSDK.CoreUtility.12 (>= 12.0.4 <  13.0.0)
      VSSDK.IDE.12 (>= 12.0.4 <  13.0.0)
      VSSDK.Text (>= 12.0.4 <  13.0.0)
GITHUB
  remote: fsharp/FAKE
  specs:
    modules/Octokit/Octokit.fsx (6e8b0162eb63e1a0a925a7b833ff0777057f6b2a)
      Octokit (>= 0)