NUGET
  remote: http://nuget.org/api/v2
  specs:
    FAKE (3.30.3)
    FSharp.Compiler.Service (0.0.89)
    FSharp.Core (3.1.2.1)
    FSharp.Formatting (2.9.4)
      FSharp.Compiler.Service (>= 0.0.87)
      FSharpVSPowerTools.Core (1.8.0)
    FSharpVSPowerTools.Core (1.8.0)
      FSharp.Compiler.Service (>= 0.0.87)
    Microsoft.Bcl (1.1.10)
      Microsoft.Bcl.Build (>= 1.0.14)
    Microsoft.Bcl.Build (1.0.21)
    Microsoft.Net.Http (2.2.29)
      Microsoft.Bcl (>= 1.1.10)
      Microsoft.Bcl.Build (>= 1.0.14)
    Newtonsoft.Json (6.0.8)
    Octokit (0.10.0)
      Microsoft.Net.Http
    Paket.Core (1.3.17)
      FSharp.Core
      Newtonsoft.Json
    VSSDK.ComponentModelHost (12.0.4)
      VSSDK.IDE.12 (>= 12.0.4 < 13.0.0)
    VSSDK.ComponentModelHost.12 (12.0.4)
      VSSDK.ComponentModelHost (>= 12.0.4 < 13.0.0)
      VSSDK.IDE.12 (>= 12.0.4 < 13.0.0)
    VSSDK.CoreUtility (12.0.4)
      VSSDK.IDE.12 (>= 12.0.4 < 13.0.0)
    VSSDK.CoreUtility.12 (12.0.4)
      VSSDK.CoreUtility (>= 12.0.4 < 13.0.0)
      VSSDK.IDE.12 (>= 12.0.4 < 13.0.0)
    VSSDK.Editor (12.0.4)
      VSSDK.CoreUtility (>= 12.0.4)
      VSSDK.IDE.12 (>= 12.0.4 < 13.0.0)
      VSSDK.OLE.Interop (>= 7.0.4 < 8.0.0)
      VSSDK.Text (>= 12.0.4)
      VSSDK.TextManager.Interop (>= 7.0.4 < 8.0.0)
      VSSDK.TextManager.Interop.8 (>= 8.0.4 < 9.0.0)
    VSSDK.Editor.12 (12.0.4)
      VSSDK.CoreUtility.12 (>= 12.0.4 < 13.0.0)
      VSSDK.Editor (>= 12.0.4 < 13.0.0)
      VSSDK.IDE.12 (>= 12.0.4 < 13.0.0)
      VSSDK.Text.12 (>= 12.0.4 < 13.0.0)
    VSSDK.GraphModel (12.0.4)
      VSSDK.IDE.12 (>= 12.0.4 < 13.0.0)
    VSSDK.GraphModel.12 (12.0.4)
      VSSDK.GraphModel (>= 12.0.4 < 13.0.0)
      VSSDK.IDE.12 (>= 12.0.4 < 13.0.0)
    VSSDK.IDE (7.0.4)
    VSSDK.IDE.12 (12.0.4)
    VSSDK.IDE.8 (8.0.4)
    VSSDK.Language (12.0.4)
      VSSDK.CoreUtility (>= 12.0.4)
      VSSDK.IDE.12 (>= 12.0.4 < 13.0.0)
      VSSDK.Text (>= 12.0.4)
    VSSDK.Language.12 (12.0.4)
      VSSDK.CoreUtility.12 (>= 12.0.4 < 13.0.0)
      VSSDK.IDE.12 (>= 12.0.4 < 13.0.0)
      VSSDK.Language (>= 12.0.4 < 13.0.0)
      VSSDK.Text.12 (>= 12.0.4 < 13.0.0)
    VSSDK.OLE.Interop (7.0.4)
      VSSDK.IDE (>= 7.0.4 < 8.0.0)
    VSSDK.Shell.Interop (7.0.4)
      VSSDK.IDE (>= 7.0.4 < 8.0.0)
      VSSDK.OLE.Interop (>= 7.0.4 < 8.0.0)
      VSSDK.TextManager.Interop (>= 7.0.4 < 8.0.0)
    VSSDK.Text (12.0.4)
      VSSDK.CoreUtility (>= 12.0.4)
      VSSDK.IDE.12 (>= 12.0.4 < 13.0.0)
    VSSDK.Text.12 (12.0.4)
      VSSDK.CoreUtility.12 (>= 12.0.4 < 13.0.0)
      VSSDK.IDE.12 (>= 12.0.4 < 13.0.0)
      VSSDK.Text (>= 12.0.4 < 13.0.0)
    VSSDK.TextManager.Interop (7.0.4)
      VSSDK.IDE (>= 7.0.4 < 8.0.0)
      VSSDK.OLE.Interop (>= 7.0.4 < 8.0.0)
    VSSDK.TextManager.Interop.8 (8.0.4)
      VSSDK.IDE.8 (>= 8.0.4 < 9.0.0)
      VSSDK.OLE.Interop (>= 7.0.4 < 8.0.0)
      VSSDK.Shell.Interop (>= 7.0.4 < 8.0.0)
      VSSDK.TextManager.Interop (>= 7.0.4 < 8.0.0)
GITHUB
  remote: fsharp/FAKE
  specs:
    modules/Octokit/Octokit.fsx (db4ea9b3f5e57b1f6a9b1cb8fee363b19b7a6f3e)
      Octokit