NUGET
  remote: http://nuget.org/api/v2
  specs:
    DotNetZip (1.9.3)
    FAKE (3.15.0)
    FSharp.Compiler.Service (0.0.82)
    FSharp.Core (3.1.2.1)
    FSharp.Formatting (2.7.4)
      FSharp.Compiler.Service (>= 0.0.82)
      FSharpVSPowerTools.Core (>= 1.7.0)
    FSharpVSPowerTools.Core (1.7.0)
      FSharp.Compiler.Service (>= 0.0.81)
    Microsoft.Bcl (1.1.9)
      Microsoft.Bcl.Build (>= 1.0.14)
    Microsoft.Bcl.Build (1.0.21)
    Microsoft.Net.Http (2.2.28)
      Microsoft.Bcl (>= 1.1.9)
      Microsoft.Bcl.Build (>= 1.0.14)
    Newtonsoft.Json (6.0.8)
    Octokit (0.6.2)
      Microsoft.Net.Http
    Paket.Core (0.27.5)
      DotNetZip (>= 1.9.3)
      FSharp.Core (>= 3.1.2.1)
      Newtonsoft.Json (>= 6.0.8)
    VSSDK.CoreUtility (12.0.4)
      VSSDK.IDE.12 (>= 12.0.4 < 13.0.0)
    VSSDK.CoreUtility.12 (12.0.4)
      VSSDK.CoreUtility (>= 12.0.4 < 13.0.0)
      VSSDK.IDE.12 (>= 12.0.4 < 13.0.0)
    VSSDK.GraphModel (12.0.4)
      VSSDK.IDE.12 (>= 12.0.4 < 13.0.0)
    VSSDK.GraphModel.12 (12.0.4)
      VSSDK.GraphModel (>= 12.0.4 < 13.0.0)
      VSSDK.IDE.12 (>= 12.0.4 < 13.0.0)
    VSSDK.IDE.12 (12.0.4)
    VSSDK.Text (12.0.4)
      VSSDK.CoreUtility (>= 12.0.4)
      VSSDK.IDE.12 (>= 12.0.4 < 13.0.0)
    VSSDK.Text.12 (12.0.4)
      VSSDK.CoreUtility.12 (>= 12.0.4 < 13.0.0)
      VSSDK.IDE.12 (>= 12.0.4 < 13.0.0)
      VSSDK.Text (>= 12.0.4 < 13.0.0)
GITHUB
  remote: fsharp/FAKE
  specs:
    modules/Octokit/Octokit.fsx (0d82fea265404d0339744fbe10617fb2737a0c87)
      Octokit