FRAMEWORK: >= NET45
NUGET
  remote: http://www.nuget.org/api/v2
    Chessie (0.6)
      FSharp.Core
    FSharp.Core (4.0.1.7-alpha)
      Microsoft.NETCore.Platforms (>= 1.0.1) - framework: >= net463
      NETStandard.Library (>= 1.6) - framework: >= net463
      System.Linq.Expressions (>= 4.1) - framework: >= net463
      System.Linq.Queryable (>= 4.0.1) - framework: >= net463
      System.Net.Requests (>= 4.0.11) - framework: >= net463
      System.Reflection.Emit (>= 4.0.1) - framework: >= net463
      System.Reflection.TypeExtensions (>= 4.1) - framework: >= net463
      System.Runtime.Loader (>= 4.0) - framework: >= net463
      System.Threading.Tasks.Parallel (>= 4.0.1) - framework: >= net463
      System.Threading.Thread (>= 4.0) - framework: >= net463
      System.Threading.ThreadPool (>= 4.0.10) - framework: >= net463
    MahApps.Metro (1.4)
    Microsoft.NETCore.Platforms (1.1) - framework: >= net463
    Microsoft.Win32.Primitives (4.3) - framework: >= net463
    Mono.Cecil (0.10.0-beta1-v2) - redirects: force
    NETStandard.Library (1.6.1) - framework: >= net463
      Microsoft.Win32.Primitives (>= 4.3) - framework: >= net46
      System.AppContext (>= 4.3) - framework: >= net46
      System.Collections.Concurrent (>= 4.3)
      System.Console (>= 4.3) - framework: >= net46
      System.Diagnostics.Tracing (>= 4.3)
      System.Globalization.Calendars (>= 4.3) - framework: >= net46
      System.IO.Compression (>= 4.3)
      System.IO.Compression.ZipFile (>= 4.3) - framework: >= net46
      System.IO.FileSystem (>= 4.3) - framework: >= net46
      System.IO.FileSystem.Primitives (>= 4.3) - framework: >= net46
      System.Net.Http (>= 4.3)
      System.Net.Sockets (>= 4.3) - framework: >= net46
      System.Runtime.Handles (>= 4.3) - framework: >= net46
      System.Runtime.InteropServices (>= 4.3)
      System.Runtime.InteropServices.RuntimeInformation (>= 4.3)
      System.Runtime.Numerics (>= 4.3)
      System.Security.Cryptography.Algorithms (>= 4.3) - framework: >= net46
      System.Security.Cryptography.Encoding (>= 4.3) - framework: >= net46
      System.Security.Cryptography.Primitives (>= 4.3) - framework: >= net46
      System.Security.Cryptography.X509Certificates (>= 4.3) - framework: >= net46
      System.Threading.Timer (>= 4.3) - framework: >= net451
    Newtonsoft.Json (9.0.1)
    Paket.Core (3.32.2)
      Chessie (>= 0.6)
      FSharp.Core (>= 4.0.1.7-alpha)
      Mono.Cecil (>= 0.10.0-beta1-v2)
      Newtonsoft.Json
      System.Diagnostics.FileVersionInfo (>= 4.3.0-prerelease)
      System.Diagnostics.Process (>= 4.3.0-prerelease)
      System.Diagnostics.TraceSource (>= 4.3.0-prerelease)
      System.Security.Cryptography.Algorithms (>= 4.3.0-prerelease)
      System.Security.Cryptography.ProtectedData (>= 4.3.0-prerelease)
      System.Xml.XDocument (>= 4.3.0-prerelease)
      System.Xml.XPath.XDocument (>= 4.3.0-prerelease)
      System.Xml.XPath.XmlDocument (>= 4.3.0-prerelease)
    reactiveui (6.5.2)
      reactiveui-core (6.5.2)
    reactiveui-core (6.5.2)
      Rx-Main (>= 2.2.5)
      Rx-Xaml (>= 2.2.5)
      Splat (>= 1.4 < 2.0)
    reactiveui-events (6.5)
      Rx-Main (>= 2.2.5)
    Rx-Core (2.2.5)
      Rx-Interfaces (>= 2.2.5)
    Rx-Interfaces (2.2.5)
    Rx-Linq (2.2.5)
      Rx-Core (>= 2.2.5)
      Rx-Interfaces (>= 2.2.5)
    Rx-Main (2.2.5)
      Rx-Core (>= 2.2.5)
      Rx-Interfaces (>= 2.2.5)
      Rx-Linq (>= 2.2.5)
      Rx-PlatformServices (>= 2.2.5)
    Rx-PlatformServices (2.3)
      Rx-Core (>= 2.2)
      Rx-Interfaces (>= 2.2)
    Rx-Xaml (2.2.5)
      Rx-Main (>= 2.2.5)
    Splat (1.6.2)
    System.AppContext (4.3) - framework: >= net463
    System.Collections.Concurrent (4.3) - framework: >= net463
    System.Console (4.3) - framework: >= net463
    System.Diagnostics.DiagnosticSource (4.3) - framework: >= net463
    System.Diagnostics.FileVersionInfo (4.3)
    System.Diagnostics.Process (4.3)
    System.Diagnostics.TraceSource (4.3)
    System.Diagnostics.Tracing (4.3) - framework: >= net463
    System.Globalization.Calendars (4.3) - framework: >= net463
    System.IO (4.3) - framework: >= net463
    System.IO.Compression (4.3) - framework: >= net463
    System.IO.Compression.ZipFile (4.3) - framework: >= net463
    System.IO.FileSystem (4.3) - framework: >= net463
      System.IO.FileSystem.Primitives (>= 4.3) - framework: >= net46
    System.IO.FileSystem.Primitives (4.3)
    System.Linq.Expressions (4.3) - framework: >= net463
    System.Linq.Queryable (4.3) - framework: >= net463
    System.Net.Http (4.3) - framework: >= net463
      System.Diagnostics.DiagnosticSource (>= 4.3) - framework: >= net46
      System.Security.Cryptography.X509Certificates (>= 4.3) - framework: >= net46
    System.Net.Requests (4.3) - framework: >= net463
    System.Net.Sockets (4.3) - framework: >= net463
    System.Reflection (4.3) - framework: >= net463
    System.Reflection.Emit (4.3) - framework: >= net463
    System.Reflection.TypeExtensions (4.3) - framework: >= net463
      System.Reflection (>= 4.3) - framework: >= net462
    System.Runtime (4.3) - framework: >= net463
    System.Runtime.Handles (4.3) - framework: >= net463
    System.Runtime.InteropServices (4.3) - framework: >= net463
      System.Runtime (>= 4.3) - framework: >= net462
    System.Runtime.InteropServices.RuntimeInformation (4.3) - framework: >= net463
    System.Runtime.Loader (4.3) - framework: >= net463
    System.Runtime.Numerics (4.3) - framework: >= net463
    System.Security.Cryptography.Algorithms (4.3)
      System.IO (>= 4.3) - framework: >= net463
      System.Runtime (>= 4.3) - framework: >= net463
      System.Security.Cryptography.Encoding (>= 4.3) - framework: >= net463
      System.Security.Cryptography.Primitives (>= 4.3) - framework: net46, net461, >= net463
    System.Security.Cryptography.Encoding (4.3)
    System.Security.Cryptography.Primitives (4.3)
    System.Security.Cryptography.ProtectedData (4.3)
    System.Security.Cryptography.X509Certificates (4.3)
      System.Security.Cryptography.Algorithms (>= 4.3) - framework: >= net46
      System.Security.Cryptography.Encoding (>= 4.3) - framework: >= net46
    System.Threading.Tasks.Parallel (4.3) - framework: >= net463
    System.Threading.Thread (4.3) - framework: >= net463
    System.Threading.ThreadPool (4.3) - framework: >= net463
    System.Threading.Timer (4.3) - framework: >= net463
    System.Xml.XDocument (4.3)
    System.Xml.XmlDocument (4.3) - framework: >= net46
    System.Xml.XPath (4.3)
    System.Xml.XPath.XDocument (4.3)
      System.Xml.XPath (>= 4.3) - framework: >= net46
    System.Xml.XPath.XmlDocument (4.3)
      System.Xml.XmlDocument (>= 4.3) - framework: >= net46
      System.Xml.XPath (>= 4.3) - framework: >= net46
    VSSDK.ComponentModelHost (12.0.4) - copy_local: false
      VSSDK.IDE.12 (>= 12.0.4 < 13.0)
    VSSDK.ComponentModelHost.12 (12.0.4) - copy_local: false
      VSSDK.ComponentModelHost (>= 12.0.4 < 13.0)
      VSSDK.IDE.12 (>= 12.0.4 < 13.0)
    VSSDK.CoreUtility (12.0.4)
      VSSDK.IDE.12 (>= 12.0.4 < 13.0)
    VSSDK.CoreUtility.12 (12.0.4)
      VSSDK.CoreUtility (>= 12.0.4 < 13.0)
      VSSDK.IDE.12 (>= 12.0.4 < 13.0)
    VSSDK.DTE (7.0.4) - copy_local: false
      VSSDK.IDE (>= 7.0.4 < 8.0)
    VSSDK.DTE.10 (10.0.4) - copy_local: false
      VSSDK.DTE (>= 7.0.4 < 8.0)
      VSSDK.DTE.8 (>= 8.0.4 < 9.0)
      VSSDK.DTE.9 (>= 9.0.4 < 10.0)
      VSSDK.IDE.10 (>= 10.0.4 < 11.0)
    VSSDK.DTE.8 (8.0.4) - copy_local: false
      VSSDK.DTE (>= 7.0.4 < 8.0)
      VSSDK.IDE.8 (>= 8.0.4 < 9.0)
    VSSDK.DTE.9 (9.0.4) - copy_local: false
      VSSDK.DTE (>= 7.0.4 < 8.0)
      VSSDK.DTE.8 (>= 8.0.4 < 9.0)
      VSSDK.IDE.9 (>= 9.0.4 < 10.0)
    VSSDK.Editor (12.0.4)
      VSSDK.CoreUtility (>= 12.0.4)
      VSSDK.IDE.12 (>= 12.0.4 < 13.0)
      VSSDK.OLE.Interop (>= 7.0.4 < 8.0)
      VSSDK.Text (>= 12.0.4)
      VSSDK.TextManager.Interop (>= 7.0.4 < 8.0)
      VSSDK.TextManager.Interop.8 (>= 8.0.4 < 9.0)
    VSSDK.Editor.12 (12.0.4)
      VSSDK.CoreUtility.12 (>= 12.0.4 < 13.0)
      VSSDK.Editor (>= 12.0.4 < 13.0)
      VSSDK.IDE.12 (>= 12.0.4 < 13.0)
      VSSDK.Text.12 (>= 12.0.4 < 13.0)
    VSSDK.GraphModel (12.0.4)
      VSSDK.IDE.12 (>= 12.0.4 < 13.0)
    VSSDK.GraphModel.12 (12.0.4)
      VSSDK.GraphModel (>= 12.0.4 < 13.0)
      VSSDK.IDE.12 (>= 12.0.4 < 13.0)
    VSSDK.IDE (7.0.4) - copy_local: false
    VSSDK.IDE.10 (10.0.4) - copy_local: false
    VSSDK.IDE.11 (11.0.4)
    VSSDK.IDE.12 (12.0.4) - copy_local: false
    VSSDK.IDE.8 (8.0.4) - copy_local: false
    VSSDK.IDE.9 (9.0.4) - copy_local: false
    VSSDK.Language (12.0.4) - copy_local: false
      VSSDK.CoreUtility (>= 12.0.4)
      VSSDK.IDE.12 (>= 12.0.4 < 13.0)
      VSSDK.Text (>= 12.0.4)
    VSSDK.Language.12 (12.0.4) - copy_local: false
      VSSDK.CoreUtility.12 (>= 12.0.4 < 13.0)
      VSSDK.IDE.12 (>= 12.0.4 < 13.0)
      VSSDK.Language (>= 12.0.4 < 13.0)
      VSSDK.Text.12 (>= 12.0.4 < 13.0)
    VSSDK.OLE.Interop (7.0.4)
      VSSDK.IDE (>= 7.0.4 < 8.0)
    VSSDK.Shell.12 (12.0.4)
      VSSDK.DTE (>= 7.0.4 < 8.0)
      VSSDK.IDE.12 (>= 12.0.4 < 13.0)
      VSSDK.OLE.Interop (>= 7.0.4 < 8.0)
      VSSDK.Shell.Immutable.10 (>= 10.0.4 < 11.0)
      VSSDK.Shell.Immutable.11 (>= 11.0.4 < 12.0)
      VSSDK.Shell.Immutable.12 (>= 12.0.4 < 13.0)
      VSSDK.Shell.Interop (>= 7.0.4 < 8.0)
      VSSDK.Shell.Interop.8 (>= 8.0.4 < 9.0)
      VSSDK.Shell.Interop.9 (>= 9.0.4 < 10.0)
      VSSDK.TextManager.Interop (>= 7.0.4 < 8.0)
      VSSDK.Threading.12 (>= 12.0.4 < 13.0)
    VSSDK.Shell.Immutable.10 (10.0.4)
      VSSDK.IDE.10 (>= 10.0.4 < 11.0)
    VSSDK.Shell.Immutable.11 (11.0.4)
      VSSDK.GraphModel (>= 11.0.4)
      VSSDK.IDE.11 (>= 11.0.4 < 12.0)
      VSSDK.OLE.Interop (>= 7.0.4 < 8.0)
      VSSDK.Shell.Interop (>= 7.0.4 < 8.0)
    VSSDK.Shell.Immutable.12 (12.0.4)
      VSSDK.IDE.12 (>= 12.0.4 < 13.0)
    VSSDK.Shell.Interop (7.0.4)
      VSSDK.IDE (>= 7.0.4 < 8.0)
      VSSDK.OLE.Interop (>= 7.0.4 < 8.0)
      VSSDK.TextManager.Interop (>= 7.0.4 < 8.0)
    VSSDK.Shell.Interop.10 (10.0.4) - copy_local: false
      VSSDK.IDE.10 (>= 10.0.4 < 11.0)
      VSSDK.OLE.Interop (>= 7.0.4 < 8.0)
      VSSDK.Shell.Interop.8 (>= 8.0.4 < 9.0)
      VSSDK.Shell.Interop.9 (>= 9.0.4 < 10.0)
    VSSDK.Shell.Interop.11 (11.0.4) - copy_local: false
      VSSDK.IDE.11 (>= 11.0.4 < 12.0)
      VSSDK.OLE.Interop (>= 7.0.4 < 8.0)
      VSSDK.Shell.Interop (>= 7.0.4 < 8.0)
      VSSDK.Shell.Interop.10 (>= 10.0.4 < 11.0)
      VSSDK.Shell.Interop.8 (>= 8.0.4 < 9.0)
      VSSDK.Shell.Interop.9 (>= 9.0.4 < 10.0)
    VSSDK.Shell.Interop.12 (12.0.4) - copy_local: false
      VSSDK.IDE.12 (>= 12.0.4 < 13.0)
      VSSDK.OLE.Interop (>= 7.0.4 < 8.0)
      VSSDK.Shell.Interop (>= 7.0.4 < 8.0)
      VSSDK.Shell.Interop.10 (>= 10.0.4 < 11.0)
      VSSDK.Shell.Interop.11 (>= 11.0.4 < 12.0)
      VSSDK.Shell.Interop.8 (>= 8.0.4 < 9.0)
      VSSDK.Shell.Interop.9 (>= 9.0.4 < 10.0)
    VSSDK.Shell.Interop.8 (8.0.4)
      VSSDK.IDE.8 (>= 8.0.4 < 9.0)
      VSSDK.OLE.Interop (>= 7.0.4 < 8.0)
      VSSDK.Shell.Interop (>= 7.0.4 < 8.0)
      VSSDK.TextManager.Interop (>= 7.0.4 < 8.0)
      VSSDK.TextManager.Interop.8 (>= 8.0.4 < 9.0)
    VSSDK.Shell.Interop.9 (9.0.4)
      VSSDK.IDE.9 (>= 9.0.4 < 10.0)
      VSSDK.OLE.Interop (>= 7.0.4 < 8.0)
      VSSDK.Shell.Interop.8 (>= 8.0.4 < 9.0)
      VSSDK.TextManager.Interop (>= 7.0.4 < 8.0)
    VSSDK.Text (12.0.4)
      VSSDK.CoreUtility (>= 12.0.4)
      VSSDK.IDE.12 (>= 12.0.4 < 13.0)
    VSSDK.Text.12 (12.0.4)
      VSSDK.CoreUtility.12 (>= 12.0.4 < 13.0)
      VSSDK.IDE.12 (>= 12.0.4 < 13.0)
      VSSDK.Text (>= 12.0.4 < 13.0)
    VSSDK.TextManager.Interop (7.0.4)
      VSSDK.IDE (>= 7.0.4 < 8.0)
      VSSDK.OLE.Interop (>= 7.0.4 < 8.0)
    VSSDK.TextManager.Interop.8 (8.0.4)
      VSSDK.IDE.8 (>= 8.0.4 < 9.0)
      VSSDK.OLE.Interop (>= 7.0.4 < 8.0)
      VSSDK.Shell.Interop (>= 7.0.4 < 8.0)
      VSSDK.TextManager.Interop (>= 7.0.4 < 8.0)
    VSSDK.Threading (12.0.4)
      VSSDK.IDE.12 (>= 12.0.4 < 13.0)
    VSSDK.Threading.12 (12.0.4)
      VSSDK.IDE.12 (>= 12.0.4 < 13.0)
      VSSDK.Threading (>= 12.0.4 < 13.0)

GROUP Build
NUGET
  remote: http://www.nuget.org/api/v2
    canopy (1.0.6)
      FSharp.Core (>= 3.0.2)
      Selenium.WebDriver (3.0)
    FAKE (4.47.2)
    FSharp.Compiler.Service (2.0.0.6)
    FSharp.Core (4.0.0.1)
    FSharp.Formatting (2.14.4)
      FSharp.Compiler.Service (2.0.0.6)
      FSharpVSPowerTools.Core (>= 2.3 < 2.4)
    FSharpVSPowerTools.Core (2.3)
      FSharp.Compiler.Service (>= 2.0.0.3)
    ILRepack (2.0.12)
    Microsoft.Bcl (1.1.10) - framework: net10, net11, net20, net30, net35, net40, net40-full
      Microsoft.Bcl.Build (>= 1.0.14)
    Microsoft.Bcl.Build (1.0.21) - import_targets: false, framework: net10, net11, net20, net30, net35, net40, net40-full
    Microsoft.Net.Http (2.2.29) - framework: net10, net11, net20, net30, net35, net40, net40-full
      Microsoft.Bcl (>= 1.1.10)
      Microsoft.Bcl.Build (>= 1.0.14)
    Octokit (0.23)
      Microsoft.Net.Http  - framework: net10, net11, net20, net30, net35, net40, net40-full
    Selenium.WebDriver (3.0)
    Selenium.WebDriver.ChromeDriver (2.27)
GITHUB
  remote: fsharp/FAKE
    modules/Octokit/Octokit.fsx (be6e4b2b513b5f2cd64ec689fe7f1f45c39f4e92)
      Octokit (>= 0.20)